PATH
  remote: .
  specs:
    codelation-cli (0.0.28)
      activesupport (~> 4.2)
      open_uri_redirections (~> 0.2)
      progressbar (~> 0.21)
      rubyzip (~> 1.1)
      thor (~> 0.19)
      yajl-ruby (~> 1.2)

GEM
  remote: https://rubygems.org/
  specs:
    activesupport (4.2.6)
      i18n (~> 0.7)
      json (~> 1.7, >= 1.7.7)
      minitest (~> 5.1)
      thread_safe (~> 0.3, >= 0.3.4)
      tzinfo (~> 1.1)
    i18n (0.7.0)
    json (1.8.3)
    minitest (5.9.0)
    open_uri_redirections (0.2.1)
    progressbar (0.21.0)
    rubyzip (1.2.0)
    thor (0.19.1)
    thread_safe (0.3.5)
    tzinfo (1.2.2)
      thread_safe (~> 0.1)
    yajl-ruby (1.2.1)

PLATFORMS
  ruby

DEPENDENCIES
  codelation-cli!

BUNDLED WITH
   1.12.5
