PATH
  remote: .
  specs:
    codelation-cli (0.0.22)
      activesupport (~> 4.2)
      open_uri_redirections (~> 0.2)
      progressbar (~> 0.21)
      rubyzip (~> 1.1)
      thor (~> 0.19)

GEM
  remote: https://rubygems.org/
  specs:
    activesupport (4.2.5)
      i18n (~> 0.7)
      json (~> 1.7, >= 1.7.7)
      minitest (~> 5.1)
      thread_safe (~> 0.3, >= 0.3.4)
      tzinfo (~> 1.1)
    i18n (0.7.0)
    json (1.8.3)
    minitest (5.8.3)
    open_uri_redirections (0.2.1)
    progressbar (0.21.0)
    rubyzip (1.1.7)
    thor (0.19.1)
    thread_safe (0.3.5)
    tzinfo (1.2.2)
      thread_safe (~> 0.1)

PLATFORMS
  ruby

DEPENDENCIES
  codelation-cli!

BUNDLED WITH
   1.11.2
